GEM
  remote: https://rubygems.org/
  specs:
    benchmark-memory (0.1.2)
      memory_profiler (~> 0.9)
    diff-lcs (1.3)
    memory_profiler (0.9.8)
    rspec (3.7.0)
      rspec-core (~> 3.7.0)
      rspec-expectations (~> 3.7.0)
      rspec-mocks (~> 3.7.0)
    rspec-core (3.7.0)
      rspec-support (~> 3.7.0)
    rspec-expectations (3.7.0)
      diff-lcs (>= 1.2.0, < 2.0)
      rspec-support (~> 3.7.0)
    rspec-mocks (3.7.0)
      diff-lcs (>= 1.2.0, < 2.0)
      rspec-support (~> 3.7.0)
    rspec-support (3.7.0)

PLATFORMS
  ruby

DEPENDENCIES
  benchmark-memory
  rspec (~> 3.7.0)

RUBY VERSION
   ruby 2.4.1p111

BUNDLED WITH
   1.15.1
